GEM
  remote: https://rubygems.org/
  specs:
    ansi (1.5.0)
    builder (3.3.0)
    docile (1.3.5)
    hashie (5.0.0)
    json (2.5.1)
    minitest (4.7.5)
    minitest-reporters (0.14.24)
      ansi
      builder
      minitest (>= 2.12, < 5.0)
      powerbar
    powerbar (2.0.1)
      hashie (>= 1.1.0)
    simplecov (0.17.1)
      docile (~> 1.1)
      json (>= 1.8, < 3)
      simplecov-html (~> 0.10.0)
    simplecov-cobertura (1.4.2)
      simplecov (~> 0.8)
    simplecov-html (0.10.2)
    simplecov-lcov (0.7.0)

PLATFORMS
  ruby

DEPENDENCIES
  minitest-reporters
  simplecov (= 0.17.1)
  simplecov-cobertura (= 1.4.2)
  simplecov-lcov (= 0.7.0)

RUBY VERSION
   ruby 2.2.2p95

BUNDLED WITH
   1.17.3
