GEM
  remote: https://rubygems.org/
  specs:
    ansi (1.5.0)
    builder (3.3.0)
    docile (1.3.5)
    json (2.5.1)
    minitest (5.15.0)
    minitest-reporters (1.7.1)
      ansi
      builder
      minitest (>= 5.0)
      ruby-progressbar
    ruby-progressbar (1.13.0)
    simplecov (0.17.1)
      docile (~> 1.1)
      json (>= 1.8, < 3)
      simplecov-html (~> 0.10.0)
    simplecov-cobertura (1.4.2)
      simplecov (~> 0.8)
    simplecov-html (0.10.2)

PLATFORMS
  ruby

DEPENDENCIES
  minitest (= 5.15.0)
  minitest-reporters (= 1.7.1)
  simplecov (= 0.17.1)
  simplecov-cobertura (= 1.4.2)

RUBY VERSION
   ruby 2.2.2p95

BUNDLED WITH
   1.17.3
